PATH
  remote: .
  specs:
    rockstar-ruby (0.1.1)
      parslet

GEM
  remote: https://rubygems.org/
  specs:
    minitest (5.11.3)
    parslet (1.8.2)
    rake (10.5.0)

PLATFORMS
  ruby

DEPENDENCIES
  bundler (~> 1.16)
  minitest (~> 5.0)
  rake (~> 10.0)
  rockstar-ruby!

BUNDLED WITH
   1.16.3
